GEM
  remote: http://rubygems.org/
  specs:
    coffee-script (2.4.1)
      coffee-script-source
      execjs
    coffee-script-source (1.9.1.1)
    execjs (2.5.2)
    haml (4.0.6)
      tilt
    libv8 (3.16.14.11)
    rack (1.6.4)
    rack-protection (1.5.3)
      rack
    ref (2.0.0)
    sass (3.4.16)
    shotgun (0.9.1)
      rack (>= 1.0)
    sinatra (1.4.6)
      rack (~> 1.4)
      rack-protection (~> 1.4)
      tilt (>= 1.3, < 3)
    sprockets (3.2.0)
      rack (~> 1.0)
    therubyracer (0.12.2)
      libv8 (~> 3.16.14.0)
      ref
    tilt (2.0.1)

PLATFORMS
  ruby

DEPENDENCIES
  coffee-script
  haml
  sass
  shotgun
  sinatra
  sprockets
  therubyracer

BUNDLED WITH
   1.10.5
